GEM
  remote: https://rubygems.org/
  specs:
    parslet (1.8.2)
    ruby-graphviz (1.2.4)

PLATFORMS
  ruby

DEPENDENCIES
  parslet
  ruby-graphviz

BUNDLED WITH
   1.17.1
